GEM
  remote: http://rubygems.org/
  specs:
    addressable (2.2.6)
    columnize (0.3.4)
    data_objects (0.10.6)
      addressable (~> 2.1)
    dm-core (1.1.0)
      addressable (~> 2.2.4)
    dm-do-adapter (1.1.0)
      data_objects (~> 0.10.2)
      dm-core (~> 1.1.0)
    dm-migrations (1.1.0)
      dm-core (~> 1.1.0)
    dm-postgres-adapter (1.1.0)
      dm-do-adapter (~> 1.1.0)
      do_postgres (~> 0.10.2)
    dm-sqlite-adapter (1.1.0)
      dm-do-adapter (~> 1.1.0)
      do_sqlite3 (~> 0.10.2)
    do_postgres (0.10.6)
      data_objects (= 0.10.6)
    do_sqlite3 (0.10.6)
      data_objects (= 0.10.6)
    faraday (0.6.1)
      addressable (~> 2.2.4)
      multipart-post (~> 1.1.0)
      rack (>= 1.1.0, < 2)
    git (1.2.5)
    haml (3.1.2)
    jeweler (1.6.4)
      bundler (~> 1.0)
      git (>= 1.2.5)
      rake
    linecache (0.46)
      rbx-require-relative (> 0.0.4)
    mime-types (1.16)
    multi_json (0.0.5)
    multipart-post (1.1.3)
    net-ldap (0.1.1)
    nokogiri (1.4.7)
    oa-basic (0.2.2)
      multi_json (~> 0.0.2)
      nokogiri (~> 1.4.2)
      oa-core (= 0.2.2)
      rest-client (~> 1.6.0)
    oa-core (0.2.2)
      rack (~> 1.1)
    oa-enterprise (0.2.2)
      net-ldap (~> 0.1.1)
      nokogiri (~> 1.4.2)
      oa-core (= 0.2.2)
      pyu-ruby-sasl (~> 0.0.3.1)
      rubyntlm (~> 0.1.1)
    oa-more (0.2.2)
      multi_json (~> 0.0.2)
      oa-core (= 0.2.2)
      rest-client (~> 1.6.0)
    oa-oauth (0.2.2)
      faraday (~> 0.6.1)
      multi_json (~> 0.0.2)
      nokogiri (~> 1.4.2)
      oa-core (= 0.2.2)
      oauth (~> 0.4.0)
      oauth2 (~> 0.3.0)
    oa-openid (0.2.2)
      oa-core (= 0.2.2)
      rack-openid (~> 1.2.0)
      ruby-openid-apps-discovery
    oauth (0.4.5)
    oauth2 (0.3.0)
      faraday (~> 0.6.0)
      multi_json (~> 0.0.4)
    omniauth (0.2.2)
      oa-basic (= 0.2.2)
      oa-core (= 0.2.2)
      oa-enterprise (= 0.2.2)
      oa-more (= 0.2.2)
      oa-oauth (= 0.2.2)
      oa-openid (= 0.2.2)
    pyu-ruby-sasl (0.0.3.3)
    rack (1.3.2)
    rack-flash (0.1.2)
      rack
    rack-openid (1.2.0)
      rack (>= 1.1.0)
      ruby-openid (>= 2.1.8)
    rake (0.9.2)
    rbx-require-relative (0.0.5)
    rcov (0.9.10)
    rdoc (3.9.1)
    rest-client (1.6.3)
      mime-types (>= 1.16)
    ruby-debug (0.10.4)
      columnize (>= 0.1)
      ruby-debug-base (~> 0.10.4.0)
    ruby-debug-base (0.10.4)
      linecache (>= 0.3)
    ruby-openid (2.1.8)
    ruby-openid-apps-discovery (1.2.0)
      ruby-openid (>= 2.1.7)
    rubyntlm (0.1.1)
    sinatra (1.2.6)
      rack (~> 1.1)
      tilt (< 2.0, >= 1.2.2)
    sqlite3 (1.3.4)
    tilt (1.3.2)
    uuidtools (2.1.2)

PLATFORMS
  ruby

DEPENDENCIES
  bundler (>= 1.0.0)
  dm-core
  dm-migrations
  dm-postgres-adapter
  dm-sqlite-adapter
  haml (>= 3.1.1)
  jeweler (~> 1.6.2)
  omniauth (~> 0.2.2)
  rack-flash
  rcov
  rdoc (>= 2.4.0)
  ruby-debug
  sinatra
  sqlite3
  uuidtools
